GEM
  remote: https://rubygems.org/
  specs:

PLATFORMS
  arm64-darwin-24
  ruby

DEPENDENCIES

RUBY VERSION
   ruby 3.4.3p32

BUNDLED WITH
   2.6.7
